GEM
  remote: https://rubygems.org/
  specs:
    capybara (2.4.4)
      mime-types (>= 1.16)
      nokogiri (>= 1.3.3)
      rack (>= 1.0.0)
      rack-test (>= 0.5.4)
      xpath (~> 2.0)
    coveralls (0.8.2)
      json (~> 1.8)
      rest-client (>= 1.6.8, < 2)
      simplecov (~> 0.10.0)
      term-ansicolor (~> 1.3)
      thor (~> 0.19.1)
    docile (1.1.5)
    domain_name (0.5.24)
      unf (>= 0.0.5, < 1.0.0)
    dotenv (2.0.2)
    http-cookie (1.0.2)
      domain_name (~> 0.5)
    http_router (0.11.2)
      rack (>= 1.0.0)
      url_mount (~> 0.2.1)
    json (1.8.3)
    lotus-controller (0.4.4)
      lotus-utils (~> 0.5)
      lotus-validations (~> 0.3)
      rack (~> 1.5)
    lotus-helpers (0.2.0)
      lotus-utils (~> 0.5)
    lotus-model (0.4.1)
      lotus-utils (~> 0.5)
      sequel (~> 4.9)
    lotus-router (0.4.2)
      http_router (~> 0.11)
      lotus-utils (~> 0.5, >= 0.5.1)
    lotus-utils (0.5.1)
    lotus-validations (0.3.2)
      lotus-utils (~> 0.4)
    lotus-view (0.4.3)
      lotus-utils (~> 0.5)
      tilt (~> 2.0, >= 2.0.1)
    lotusrb (0.4.1)
      dotenv (~> 2.0)
      lotus-controller (~> 0.4, >= 0.4.4)
      lotus-helpers (~> 0.2)
      lotus-router (~> 0.4, >= 0.4.2)
      lotus-utils (~> 0.5, >= 0.5.1)
      lotus-view (~> 0.4, >= 0.4.3)
      shotgun (~> 0.9)
      thor (~> 0.19)
    mime-types (2.6.1)
    mini_portile (0.6.2)
    minitest (5.8.0)
    mysql (2.9.1)
    netrc (0.10.3)
    nokogiri (1.6.6.2)
      mini_portile (~> 0.6.0)
    rack (1.6.4)
    rack-test (0.6.3)
      rack (>= 1.0)
    rake (12.3.3)
    rest-client (1.8.0)
      http-cookie (>= 1.0.2, < 2.0)
      mime-types (>= 1.16, < 3.0)
      netrc (~> 0.7)
    sequel (4.25.0)
    shotgun (0.9.1)
      rack (>= 1.0)
    simplecov (0.10.0)
      docile (~> 1.1.0)
      json (~> 1.8)
      simplecov-html (~> 0.10.0)
    simplecov-html (0.10.0)
    term-ansicolor (1.3.2)
      tins (~> 1.0)
    thor (0.19.1)
    tilt (2.0.1)
    tins (1.6.0)
    unf (0.1.4)
      unf_ext
    unf_ext (0.0.7.1)
    url_mount (0.2.1)
      rack
    xpath (2.0.0)
      nokogiri (~> 1.3)

PLATFORMS
  ruby

DEPENDENCIES
  bundler
  capybara
  coveralls
  lotus-model (~> 0.4)
  lotusrb (= 0.4.1)
  minitest
  mysql
  rake
  simplecov
